PATH
  remote: .
  specs:
    rails-db-backup (0.0.11)
      fog-aws (~> 3.13.0)
      pastel (~> 0.8.0)
      rubyzip (~> 2.3)
      tty-prompt (~> 0.23.0)
      tty-spinner (~> 0.9.3)

GEM
  remote: https://rubygems.org/
  specs:
    builder (3.3.0)
    bump (0.8.0)
    diff-lcs (1.5.0)
    docile (1.4.0)
    excon (0.111.0)
    fog-aws (3.13.0)
      fog-core (~> 2.1)
      fog-json (~> 1.1)
      fog-xml (~> 0.1)
    fog-core (2.4.0)
      builder
      excon (~> 0.71)
      formatador (>= 0.2, < 2.0)
      mime-types
    fog-json (1.2.0)
      fog-core
      multi_json (~> 1.10)
    fog-xml (0.1.4)
      fog-core
      nokogiri (>= 1.5.11, < 2.0.0)
    formatador (1.1.0)
    mime-types (3.5.2)
      mime-types-data (~> 3.2015)
    mime-types-data (3.2024.0702)
    multi_json (1.15.0)
    nokogiri (1.16.0-arm64-darwin)
      racc (~> 1.4)
    pastel (0.8.0)
      tty-color (~> 0.5)
    racc (1.8.1)
    rspec (3.10.0)
      rspec-core (~> 3.10.0)
      rspec-expectations (~> 3.10.0)
      rspec-mocks (~> 3.10.0)
    rspec-core (3.10.2)
      rspec-support (~> 3.10.0)
    rspec-expectations (3.10.2)
      diff-lcs (>= 1.2.0, < 2.0)
      rspec-support (~> 3.10.0)
    rspec-mocks (3.10.3)
      diff-lcs (>= 1.2.0, < 2.0)
      rspec-support (~> 3.10.0)
    rspec-support (3.10.3)
    rubyzip (2.3.2)
    simplecov (0.21.2)
      docile (~> 1.1)
      simplecov-html (~> 0.11)
      simplecov_json_formatter (~> 0.1)
    simplecov-html (0.12.3)
    simplecov_json_formatter (0.1.4)
    tty-color (0.6.0)
    tty-cursor (0.7.1)
    tty-prompt (0.23.1)
      pastel (~> 0.8)
      tty-reader (~> 0.8)
    tty-reader (0.9.0)
      tty-cursor (~> 0.7)
      tty-screen (~> 0.8)
      wisper (~> 2.0)
    tty-screen (0.8.2)
    tty-spinner (0.9.3)
      tty-cursor (~> 0.7)
    wisper (2.0.1)

PLATFORMS
  arm64-darwin-23

DEPENDENCIES
  bump (~> 0.8.0)
  rails-db-backup!
  rspec (~> 3.10.0)
  simplecov (~> 0.21.2)

BUNDLED WITH
   2.4.15
